PATH
  remote: .
  specs:
    rack-auth-oauth-tokenless (0.0.1)
      activesupport (>= 3.0.0)
      oauth (~> 0.4.5)

GEM
  remote: http://rubygems.org/
  specs:
    activesupport (3.2.1)
      i18n (~> 0.6)
      multi_json (~> 1.0)
    archive-tar-minitar (0.5.2)
    columnize (0.3.6)
    diff-lcs (1.1.3)
    i18n (0.6.0)
    linecache19 (0.5.12)
      ruby_core_source (>= 0.1.4)
    multi_json (1.0.4)
    oauth (0.4.5)
    rack (1.4.1)
    rack-test (0.6.1)
      rack (>= 1.0)
    rspec (2.8.0)
      rspec-core (~> 2.8.0)
      rspec-expectations (~> 2.8.0)
      rspec-mocks (~> 2.8.0)
    rspec-core (2.8.0)
    rspec-expectations (2.8.0)
      diff-lcs (~> 1.1.2)
    rspec-mocks (2.8.0)
    ruby-debug-base19 (0.11.25)
      columnize (>= 0.3.1)
      linecache19 (>= 0.5.11)
      ruby_core_source (>= 0.1.4)
    ruby-debug19 (0.11.6)
      columnize (>= 0.3.1)
      linecache19 (>= 0.5.11)
      ruby-debug-base19 (>= 0.11.19)
    ruby_core_source (0.1.5)
      archive-tar-minitar (>= 0.5.2)

PLATFORMS
  ruby

DEPENDENCIES
  rack-auth-oauth-tokenless!
  rack-test
  rspec (~> 2.7)
  ruby-debug19
